GEM
  remote: http://rubygems.org/
  specs:
    activemodel (3.2.5)
      activesupport (= 3.2.5)
      builder (~> 3.0.0)
    activesupport (3.2.5)
      i18n (~> 0.6)
      multi_json (~> 1.0)
    addressable (2.3.5)
    builder (3.0.0)
    coderay (1.0.6)
    columnize (0.3.6)
    debugger (1.1.3)
      columnize (>= 0.3.1)
      debugger-linecache (~> 1.1.1)
      debugger-ruby_core_source (~> 1.1.2)
    debugger-linecache (1.1.1)
      debugger-ruby_core_source (>= 1.1.1)
    debugger-ruby_core_source (1.1.3)
    diff-lcs (1.1.3)
    faraday (0.8.8)
      multipart-post (~> 1.2.0)
    git (1.2.6)
    github_api (0.10.1)
      addressable
      faraday (~> 0.8.1)
      hashie (>= 1.2)
      multi_json (~> 1.4)
      nokogiri (~> 1.5.2)
      oauth2
    hashie (2.0.5)
    highline (1.6.20)
    httpauth (0.2.0)
    i18n (0.6.5)
    jeweler (1.8.8)
      builder
      bundler (~> 1.0)
      git (>= 1.2.5)
      github_api (= 0.10.1)
      highline (>= 1.6.15)
      nokogiri (= 1.5.10)
      rake
      rdoc
    json (1.8.1)
    jwt (0.1.8)
      multi_json (>= 1.5)
    method_source (0.7.1)
    monetize (0.3.0)
      money (~> 6.1.0.beta1)
    money (6.1.1)
      i18n (~> 0.6.4)
    multi_json (1.8.2)
    multi_xml (0.5.5)
    multipart-post (1.2.0)
    nokogiri (1.5.10)
    oauth2 (0.9.2)
      faraday (~> 0.8)
      httpauth (~> 0.2)
      jwt (~> 0.1.4)
      multi_json (~> 1.0)
      multi_xml (~> 0.5)
      rack (~> 1.2)
    pry (0.9.9.4)
      coderay (~> 1.0.5)
      method_source (~> 0.7.1)
      slop (>= 2.4.4, < 3)
    rack (1.5.2)
    rake (10.1.0)
    rcov (0.9.11)
    rdoc (4.0.1)
      json (~> 1.4)
    rspec (2.11.0)
      rspec-core (~> 2.11.0)
      rspec-expectations (~> 2.11.0)
      rspec-mocks (~> 2.11.0)
    rspec-core (2.11.1)
    rspec-expectations (2.11.1)
      diff-lcs (~> 1.1.3)
    rspec-mocks (2.11.1)
    shoulda-matchers (1.0.0.beta3)
    slop (2.4.4)
    yajl-ruby (1.0.0)
    yard (0.7.3)

PLATFORMS
  ruby

DEPENDENCIES
  activemodel (>= 3.2.5)
  activesupport (>= 3.2.5)
  bundler (>= 1.0.0)
  debugger
  jeweler (~> 1.8.8)
  monetize (~> 0.3.0)
  money (~> 6.1.1)
  pry
  rcov
  rspec (~> 2.11.0)
  shoulda-matchers (~> 1.0.0.beta3)
  yajl-ruby (>= 0.8.0)
  yard (>= 0.7.0)
