GEM
  remote: http://rubygems.org/
  specs:
    activemodel (3.1.1)
      activesupport (= 3.1.1)
      builder (~> 3.0.0)
      i18n (~> 0.6)
    activesupport (3.1.1)
      multi_json (~> 1.0)
    builder (3.0.0)
    diff-lcs (1.1.3)
    git (1.2.5)
    growl (1.0.3)
    guard (0.8.8)
      thor (~> 0.14.6)
    guard-bundler (0.1.3)
      bundler (>= 1.0.0)
      guard (>= 0.2.2)
    guard-rspec (0.5.1)
      guard (>= 0.8.4)
    guard-yard (1.0.1)
      guard (>= 0.2.2)
      yard (>= 0.7.0)
    i18n (0.6.0)
    jeweler (1.6.4)
      bundler (~> 1.0)
      git (>= 1.2.5)
      rake
    money (3.7.1)
      i18n (~> 0.4)
    multi_json (1.0.3)
    rake (0.9.2.2)
    rb-fsevent (0.4.3.1)
    rcov (0.9.11)
    rspec (2.3.0)
      rspec-core (~> 2.3.0)
      rspec-expectations (~> 2.3.0)
      rspec-mocks (~> 2.3.0)
    rspec-core (2.3.1)
    rspec-expectations (2.3.0)
      diff-lcs (~> 1.1.2)
    rspec-mocks (2.3.0)
    shoulda-matchers (1.0.0.beta3)
    thor (0.14.6)
    yard (0.7.3)

PLATFORMS
  ruby

DEPENDENCIES
  activemodel (>= 3.1.1)
  activesupport (>= 3.1.1)
  bundler (~> 1.0.0)
  growl
  guard
  guard-bundler
  guard-rspec
  guard-yard
  jeweler (~> 1.6.4)
  money (>= 3.7.1)
  rb-fsevent
  rcov
  rspec (~> 2.3.0)
  shoulda-matchers (~> 1.0.0.beta3)
  yard (>= 0.7.0)
