GEM
  remote: http://rubygems.org/
  specs:
    activemodel (3.1.1)
      activesupport (= 3.1.1)
      builder (~> 3.0.0)
      i18n (~> 0.6)
    activesupport (3.1.1)
      multi_json (~> 1.0)
    archive-tar-minitar (0.5.2)
    builder (3.0.0)
    columnize (0.3.6)
    diff-lcs (1.1.3)
    git (1.2.5)
    growl (1.0.3)
    guard (0.8.8)
      thor (~> 0.14.6)
    guard-bundler (0.1.3)
      bundler (>= 1.0.0)
      guard (>= 0.2.2)
    guard-rspec (0.5.1)
      guard (>= 0.8.4)
    guard-yard (1.0.1)
      guard (>= 0.2.2)
      yard (>= 0.7.0)
    i18n (0.6.0)
    jeweler (1.6.4)
      bundler (~> 1.0)
      git (>= 1.2.5)
      rake
    linecache19 (0.5.13)
      ruby_core_source (>= 0.1.4)
    money (3.7.1)
      i18n (~> 0.4)
    multi_json (1.0.3)
    rake (0.9.2.2)
    rb-fsevent (0.4.3.1)
    rcov (0.9.11)
    rspec (2.8.0)
      rspec-core (~> 2.8.0)
      rspec-expectations (~> 2.8.0)
      rspec-mocks (~> 2.8.0)
    rspec-core (2.8.0)
    rspec-expectations (2.8.0)
      diff-lcs (~> 1.1.2)
    rspec-mocks (2.8.0)
    ruby-debug-base19 (0.11.26)
      columnize (>= 0.3.1)
      linecache19 (>= 0.5.11)
      ruby_core_source (>= 0.1.4)
    ruby-debug19 (0.11.6)
      columnize (>= 0.3.1)
      linecache19 (>= 0.5.11)
      ruby-debug-base19 (>= 0.11.19)
    ruby_core_source (0.1.5)
      archive-tar-minitar (>= 0.5.2)
    shoulda-matchers (1.0.0.beta3)
    thor (0.14.6)
    yajl-ruby (1.0.0)
    yard (0.7.3)

PLATFORMS
  ruby

DEPENDENCIES
  activemodel (>= 3.1.1)
  activesupport (>= 3.1.1)
  bundler (~> 1.0.0)
  growl
  guard
  guard-bundler
  guard-rspec
  guard-yard
  jeweler (~> 1.6.4)
  linecache19 (~> 0.5.13)
  money (>= 3.7.1)
  rb-fsevent
  rcov
  rspec (~> 2.8.0)
  ruby-debug-base19 (~> 0.11.26)
  ruby-debug19
  shoulda-matchers (~> 1.0.0.beta3)
  yajl-ruby (>= 0.8.0)
  yard (>= 0.7.0)
